GIT
  remote: git://github.com/odorcicd/authlogic.git
  revision: a087ad0cba3c165ba22fcf176c28b6f7517931e8
  branch: rails3
  specs:
    authlogic (2.1.3)
      activesupport

GEM
  remote: http://rubygems.org/
  specs:
    aaronh-chronic (0.3.9)
    abstract (1.0.0)
    actionmailer (3.0.20)
      actionpack (= 3.0.20)
      mail (~> 2.2.19)
    actionpack (3.0.20)
      activemodel (= 3.0.20)
      activesupport (= 3.0.20)
      builder (~> 2.1.2)
      erubis (~> 2.6.6)
      i18n (~> 0.5.0)
      rack (~> 1.2.5)
      rack-mount (~> 0.6.14)
      rack-test (~> 0.5.7)
      tzinfo (~> 0.3.23)
    activemodel (3.0.20)
      activesupport (= 3.0.20)
      builder (~> 2.1.2)
      i18n (~> 0.5.0)
    activerecord (3.0.20)
      activemodel (= 3.0.20)
      activesupport (= 3.0.20)
      arel (~> 2.0.10)
      tzinfo (~> 0.3.23)
    activeresource (3.0.20)
      activemodel (= 3.0.20)
      activesupport (= 3.0.20)
    activesupport (3.0.20)
    addressable (2.3.3)
    airbrake (3.1.8)
      activesupport
      builder
      json
    archive-tar-minitar (0.5.2)
    arel (2.0.10)
    aws-s3 (0.6.3)
      builder
      mime-types
      xml-simple
    best_in_place (0.2.3)
      rails (>= 3.0.0)
    bourne (1.1.2)
      mocha (= 0.10.5)
    builder (2.1.2)
    capistrano (2.14.2)
      highline
      net-scp (>= 1.0.0)
      net-sftp (>= 2.0.0)
      net-ssh (>= 2.0.14)
      net-ssh-gateway (>= 1.1.0)
    capistrano-ext (1.2.1)
      capistrano (>= 1.0.0)
    capistrano-gitflow_version (0.0.3.1)
      capistrano-ext (>= 1.2.1)
      stringex
    capybara (0.3.9)
      culerity (>= 0.2.4)
      mime-types (>= 1.16)
      nokogiri (>= 1.3.3)
      rack (>= 1.0.0)
      rack-test (>= 0.5.4)
      selenium-webdriver (>= 0.0.3)
    childprocess (0.3.8)
      ffi (~> 1.0, >= 1.0.11)
    chronic (0.9.0)
    cocaine (0.4.2)
    columnize (0.3.6)
    css_parser (1.2.6)
      addressable
      rdoc
    cucumber (1.2.1)
      builder (>= 2.1.2)
      diff-lcs (>= 1.1.3)
      gherkin (~> 2.11.0)
      json (>= 1.4.6)
    cucumber-rails (0.4.1)
      cucumber (>= 0.10.1)
      nokogiri (>= 1.4.4)
      rack-test (>= 0.5.7)
    culerity (0.2.15)
    database_cleaner (0.9.1)
    delorean (2.1.0)
      chronic
    diff-lcs (1.1.3)
    domain_name (0.5.7)
      unf (~> 0.0.3)
    erubis (2.6.6)
      abstract (>= 1.0.0)
    escape_utils (0.2.4)
    factory_girl (4.2.0)
      activesupport (>= 3.0.0)
    fakeweb (1.3.0)
    fastimage (1.2.13)
    ffi (1.4.0)
    gherkin (2.11.6)
      json (>= 1.7.6)
    google_visualr (2.1.6)
    hashr (0.0.22)
    highline (1.6.15)
    htmlentities (4.3.1)
    i18n (0.5.0)
    jquery-rails (2.2.1)
      railties (>= 3.0, < 5.0)
      thor (>= 0.14, < 2.0)
    json (1.7.7)
    kgio (2.8.0)
    launchy (2.2.0)
      addressable (~> 2.3)
    linecache19 (0.5.12)
      ruby_core_source (>= 0.1.4)
    mail (2.2.19)
      activesupport (>= 2.3.6)
      i18n (>= 0.4.0)
      mime-types (~> 1.16)
      treetop (~> 1.4.8)
    mechanize (2.5.1)
      domain_name (~> 0.5, >= 0.5.1)
      mime-types (~> 1.17, >= 1.17.2)
      net-http-digest_auth (~> 1.1, >= 1.1.1)
      net-http-persistent (~> 2.5, >= 2.5.2)
      nokogiri (~> 1.4)
      ntlm-http (~> 0.1, >= 0.1.1)
      webrobots (~> 0.0, >= 0.0.9)
    memcache-client (1.8.5)
    metaclass (0.0.1)
    mime-types (1.21)
    mocha (0.10.5)
      metaclass (~> 0.0.1)
    multi_json (1.6.1)
    mysql2 (0.3.11)
    nested_has_many_through (0.0.2)
      rails (>= 3.0.0)
    net-http-digest_auth (1.2.1)
    net-http-persistent (2.8)
    net-scp (1.1.0)
      net-ssh (>= 2.6.5)
    net-sftp (2.1.1)
      net-ssh (>= 2.6.5)
    net-ssh (2.6.5)
    net-ssh-gateway (1.2.0)
      net-ssh (>= 2.6.5)
    newrelic-redis (1.4.0)
      newrelic_rpm (~> 3.0)
      redis (< 4.0)
    newrelic_rpm (3.5.7.59)
    nokogiri (1.5.6)
    ntlm-http (0.1.1)
    paperclip (3.4.0)
      activemodel (>= 3.0.0)
      activerecord (>= 3.0.0)
      activesupport (>= 3.0.0)
      cocaine (~> 0.4.0)
      mime-types
    permit_yo (2.1.3)
    pickle (0.4.11)
      cucumber (>= 0.8)
      rake
    polyglot (0.3.3)
    rack (1.2.8)
    rack-mount (0.6.14)
      rack (>= 1.0.0)
    rack-test (0.5.7)
      rack (>= 1.0)
    rails (3.0.20)
      actionmailer (= 3.0.20)
      actionpack (= 3.0.20)
      activerecord (= 3.0.20)
      activeresource (= 3.0.20)
      activesupport (= 3.0.20)
      bundler (~> 1.0)
      railties (= 3.0.20)
    railties (3.0.20)
      actionpack (= 3.0.20)
      activesupport (= 3.0.20)
      rake (>= 0.8.7)
      rdoc (~> 3.4)
      thor (~> 0.14.4)
    raindrops (0.10.0)
    rake (10.0.3)
    rdoc (3.12.1)
      json (~> 1.4)
    redis (3.0.2)
    redis-namespace (1.2.1)
      redis (~> 3.0.0)
    resque (1.23.0)
      multi_json (~> 1.0)
      redis-namespace (~> 1.0)
      sinatra (>= 0.9.2)
      vegas (~> 0.1.2)
    resque_mailer (2.2.2)
      actionmailer (~> 3.0)
    rest-client (1.6.7)
      mime-types (>= 1.16)
    rpm_contrib (2.1.11)
      newrelic_rpm (>= 3.1.1)
      newrelic_rpm (>= 3.1.1)
    rspec-core (2.12.2)
    rspec-expectations (2.12.1)
      diff-lcs (~> 1.1.3)
    rspec-mocks (2.12.2)
    rspec-rails (2.12.2)
      actionpack (>= 3.0)
      activesupport (>= 3.0)
      railties (>= 3.0)
      rspec-core (~> 2.12.0)
      rspec-expectations (~> 2.12.0)
      rspec-mocks (~> 2.12.0)
    ruby-debug-base19 (0.11.25)
      columnize (>= 0.3.1)
      linecache19 (>= 0.5.11)
      ruby_core_source (>= 0.1.4)
    ruby-debug19 (0.11.6)
      columnize (>= 0.3.1)
      linecache19 (>= 0.5.11)
      ruby-debug-base19 (>= 0.11.19)
    ruby_core_source (0.1.5)
      archive-tar-minitar (>= 0.5.2)
    rubyzip (0.9.9)
    sanitize (2.0.3)
      nokogiri (>= 1.4.4, < 1.6)
    selenium-webdriver (2.30.0)
      childprocess (>= 0.2.5)
      multi_json (~> 1.0)
      rubyzip
      websocket (~> 1.0.4)
    shoulda (3.3.2)
      shoulda-context (~> 1.0.1)
      shoulda-matchers (~> 1.4.1)
    shoulda-context (1.0.2)
    shoulda-matchers (1.4.2)
      activesupport (>= 3.0.0)
      bourne (~> 1.1.2)
    sinatra (1.2.8)
      rack (~> 1.1)
      tilt (>= 1.2.2, < 2.0)
    stringex (1.5.1)
    thor (0.14.6)
    tilt (1.3.3)
    timeliness (0.3.7)
    tire (0.5.4)
      activemodel (>= 3.0)
      hashr (~> 0.0.19)
      multi_json (~> 1.3)
      rake
      rest-client (~> 1.6)
    treetop (1.4.12)
      polyglot
      polyglot (>= 0.3.1)
    tzinfo (0.3.35)
    unf (0.0.5)
      unf_ext
    unf_ext (0.0.6)
    unicorn (4.6.0)
      kgio (~> 2.6)
      rack
      raindrops (~> 0.7)
    valium (0.5.0)
      activerecord (>= 3.0.2)
    vcr (2.4.0)
    vegas (0.1.11)
      rack (>= 1.0.0)
    webrobots (0.1.0)
    websocket (1.0.7)
    whenever (0.6.8)
      aaronh-chronic (>= 0.3.9)
      activesupport (>= 2.3.4)
    will_paginate (3.0.4)
    xml-simple (1.1.2)

PLATFORMS
  ruby

DEPENDENCIES
  airbrake
  authlogic!
  aws-s3
  best_in_place
  bundler
  capistrano-gitflow_version (>= 0.0.3)
  capybara (= 0.3.9)
  css_parser
  cucumber (>= 0.9.1)
  cucumber-rails
  database_cleaner (>= 0.6.0.rc.3)
  delorean
  escape_utils
  factory_girl
  fakeweb
  fastimage
  google_visualr (>= 2.1)
  htmlentities
  jquery-rails (>= 0.2.6)
  launchy
  mechanize
  memcache-client
  mocha
  mysql2
  nested_has_many_through
  newrelic-redis
  newrelic_rpm (>= 3.5.3.25)
  nokogiri (>= 1.4.2)
  paperclip (>= 2.3.16)
  permit_yo
  pickle
  rails (= 3.0.20)
  redis (>= 3.0)
  redis-namespace
  resque (>= 1.14.0)
  resque_mailer
  rest-client
  rpm_contrib
  rspec-rails (>= 2.5.0)
  ruby-debug19
  sanitize
  shoulda
  timeliness
  tire
  unicorn
  valium
  vcr
  whenever (~> 0.6.2)
  will_paginate (>= 3.0.2)
